PATH
  remote: .
  specs:
    attr_encrypted_envelope (0.1.0)
      encryptor (~> 3.0.0)

GEM
  remote: https://rubygems.org/
  specs:
    encryptor (3.0.0)
    minitest (5.11.3)
    rake (10.5.0)

PLATFORMS
  ruby

DEPENDENCIES
  attr_encrypted_envelope!
  bundler (~> 1.17)
  minitest (~> 5.0)
  rake (~> 10.0)

BUNDLED WITH
   1.17.1
